GEM
  remote: https://rubygems.org/
  specs:
    diff-lcs (1.1.3)
    facter (1.6.7)
    puppet (2.7.13)
      facter (>= 1.5.1)
    puppet-lint (0.3.2)
    rake (10.1.0)
    rspec (2.9.0)
      rspec-core (~> 2.9.0)
      rspec-expectations (~> 2.9.0)
      rspec-mocks (~> 2.9.0)
    rspec-core (2.9.0)
    rspec-expectations (2.9.1)
      diff-lcs (~> 1.1.3)
    rspec-mocks (2.9.0)
    rspec-puppet (0.1.3)
      rspec

PLATFORMS
  ruby

DEPENDENCIES
  puppet
  puppet-lint (= 0.3.2)
  rake
  rspec-puppet (~> 0.1.3)
